GEM
  remote: https://rubygems.org/
  specs:
    bson (4.1.1)
    mongo (2.2.5)
      bson (~> 4.0)
    rack (1.6.4)

PLATFORMS
  ruby

DEPENDENCIES
  mongo
  rack

BUNDLED WITH
   1.11.2
