GEM
  remote: https://rubygems.org/
  specs:
    bson (4.1.1)
    codeclimate-test-reporter (0.5.0)
      simplecov (>= 0.7.1, < 1.0.0)
    docile (1.1.5)
    json (1.8.3)
    mini_portile2 (2.0.0)
    mongo (2.2.5)
      bson (~> 4.0)
    nokogiri (1.6.7.2)
      mini_portile2 (~> 2.0.0.rc2)
    rack (1.6.4)
    rake (10.4.2)
    simplecov (0.11.2)
      docile (~> 1.1.0)
      json (~> 1.8)
      simplecov-html (~> 0.10.0)
    simplecov-html (0.10.0)

PLATFORMS
  ruby

DEPENDENCIES
  codeclimate-test-reporter
  mongo
  nokogiri
  rack
  rake

BUNDLED WITH
   1.11.2
